GIT
  remote: https://github.com/boberetezeke/diametric
  revision: b152166dc69005da2c12899154bb3a57f756edc9
  branch: mymaster
  specs:
    diametric (0.1.3-java)
      activemodel (~> 3.2, >= 3.2.16)
      activesupport (~> 3.2, >= 3.2.16)
      datomic-client (~> 0.4, >= 0.4.1)
      edn (~> 1.0, >= 1.0.2)
      jruby-openssl (~> 0.8, >= 0.8.8)
      lock_jar (~> 0.7, >= 0.7.5)
      rake-compiler (~> 0.9, >= 0.9.1)
      rubyzip (~> 0.9, >= 0.9.9)
      uuid (~> 2.3, >= 2.3.7)

GEM
  remote: https://rubygems.org/
  specs:
    activemodel (3.2.22.5)
      activesupport (= 3.2.22.5)
      builder (~> 3.0.0)
    activesupport (3.2.22.5)
      i18n (~> 0.6, >= 0.6.4)
      multi_json (~> 1.0)
    builder (3.0.4)
    datomic-client (0.4.1)
      edn (~> 1.0.0)
      rest-client (~> 1.6.7)
    edn (1.0.8)
    httpclient (2.8.2.4)
    i18n (0.7.0)
    jruby-openssl (0.9.17-java)
    lock_jar (0.15.2)
      naether (~> 0.15.0)
      thor (>= 0.18.1)
    macaddr (1.7.1)
      systemu (~> 2.6.2)
    mime-types (1.25.1)
    multi_json (1.12.1)
    naether (0.15.1-java)
      httpclient
    rake (11.3.0)
    rake-compiler (0.9.9)
      rake
    rest-client (1.6.9)
      mime-types (~> 1.16)
    rubyzip (0.9.9)
    systemu (2.6.5)
    thor (0.19.1)
    uuid (2.3.8)
      macaddr (~> 1.0)

PLATFORMS
  java

DEPENDENCIES
  diametric!

BUNDLED WITH
   1.13.1
